PATH
  remote: .
  specs:
    todolist_project (1.0.0)

GEM
  remote: https://rubygems.org/
  specs:
    ansi (1.5.0)
    builder (3.2.3)
    minitest (5.12.2)
    minitest-reporters (1.3.8)
      ansi
      builder
      minitest (>= 5.0)
      ruby-progressbar
    rake (13.0.0)
    ruby-progressbar (1.10.1)
    stamp (0.6.0)

PLATFORMS
  ruby

DEPENDENCIES
  minitest (~> 5.10)
  minitest-reporters (~> 1.1)
  rake
  stamp
  todolist_project!

RUBY VERSION
   ruby 2.6.4p104

BUNDLED WITH
   2.0.2
